PATH
  remote: .
  specs:
    ast-tdl (0.2.1)
      ruby-enum (~> 0.9.0)

GEM
  remote: https://rubygems.org/
  specs:
    concurrent-ruby (1.1.10)
    i18n (1.12.0)
      concurrent-ruby (~> 1.0)
    rake (13.0.6)
    ruby-enum (0.9.0)
      i18n

PLATFORMS
  x64-mingw-ucrt
  x86_64-linux

DEPENDENCIES
  ast-tdl!
  rake (~> 13.0)
  ruby-enum

BUNDLED WITH
   2.3.7
